GEM
  remote: https://rubygems.org/
  specs:
    gosu (0.9.2)

PLATFORMS
  ruby

DEPENDENCIES
  gosu
